GEM
  remote: https://rubygems.org/
  specs:
    rdoc (6.2.1)

PLATFORMS
  ruby

DEPENDENCIES
  rdoc (~> 6.2)

BUNDLED WITH
   2.1.4
